PATH
  remote: .
  specs:
    documents_with_footer_to_pdf (0.1.5)
      combine_pdf (~> 1.0.21)
      fileutils (~> 1.5.0)
      local_path_builder (~> 0.1.1)
      prawn (~> 2.4.0)

GEM
  remote: https://rubygems.org/
  specs:
    ast (2.4.2)
    combine_pdf (1.0.21)
      ruby-rc4 (>= 0.1.5)
    fileutils (1.5.0)
    local_path_builder (0.1.1)
      fileutils (~> 1.5.0)
    parallel (1.21.0)
    parser (3.0.2.0)
      ast (~> 2.4.1)
    pdf-core (0.9.0)
    prawn (2.4.0)
      pdf-core (~> 0.9.0)
      ttfunk (~> 1.7)
    rainbow (3.0.0)
    rake (13.0.6)
    regexp_parser (2.1.1)
    rexml (3.2.5)
    rubocop (1.22.1)
      parallel (~> 1.10)
      parser (>= 3.0.0.0)
      rainbow (>= 2.2.2, < 4.0)
      regexp_parser (>= 1.8, < 3.0)
      rexml
      rubocop-ast (>= 1.12.0, < 2.0)
      ruby-progressbar (~> 1.7)
      unicode-display_width (>= 1.4.0, < 3.0)
    rubocop-ast (1.12.0)
      parser (>= 3.0.1.1)
    ruby-progressbar (1.11.0)
    ruby-rc4 (0.1.5)
    ttfunk (1.7.0)
    unicode-display_width (2.1.0)

PLATFORMS
  x86_64-darwin-20

DEPENDENCIES
  documents_with_footer_to_pdf!
  rake (~> 13.0)
  rubocop (~> 1.7)

BUNDLED WITH
   2.2.19
